PATH
  remote: .
  specs:
    logs_maino (0.1.0)
      sequel

GEM
  remote: https://rubygems.org/
  specs:
    bigdecimal (3.1.8)
    coderay (1.1.3)
    dotenv (3.1.2)
    method_source (1.1.0)
    pg (1.5.6)
    pry (0.14.2)
      coderay (~> 1.1)
      method_source (~> 1.0)
    rake (12.3.3)
    sequel (5.82.0)
      bigdecimal

PLATFORMS
  ruby

DEPENDENCIES
  dotenv
  logs_maino!
  pg (~> 1.5, >= 1.5.4)
  pry (~> 0.14.2)
  rake (~> 12.0)
  sequel (~> 5.72)

BUNDLED WITH
   2.1.4
